GEM
  remote: https://rubygems.org/
  specs:
    coderay (1.1.1)
    diff-lcs (1.3)
    dotenv (2.2.1)
    edamam-ruby (0.2.0)
    httparty (0.16.0)
      multi_xml (>= 0.5.2)
    method_source (0.8.2)
    multi_xml (0.6.0)
    pry (0.10.4)
      coderay (~> 1.1.0)
      method_source (~> 0.8.1)
      slop (~> 3.4)
    rack (1.6.5)
    rack-protection (1.5.3)
      rack
    rake (10.5.0)
    romato (0.1.2)
      bundler (~> 1.13)
      httparty
      rake (~> 10.0)
      rspec (~> 3.0)
    rspec (3.7.0)
      rspec-core (~> 3.7.0)
      rspec-expectations (~> 3.7.0)
      rspec-mocks (~> 3.7.0)
    rspec-core (3.7.1)
      rspec-support (~> 3.7.0)
    rspec-expectations (3.7.0)
      diff-lcs (>= 1.2.0, < 2.0)
      rspec-support (~> 3.7.0)
    rspec-mocks (3.7.0)
      diff-lcs (>= 1.2.0, < 2.0)
      rspec-support (~> 3.7.0)
    rspec-support (3.7.1)
    shotgun (0.9.2)
      rack (>= 1.0)
    sinatra (1.4.8)
      rack (~> 1.5)
      rack-protection (~> 1.4)
      tilt (>= 1.3, < 3)
    slop (3.6.0)
    tilt (2.0.6)

PLATFORMS
  ruby

DEPENDENCIES
  dotenv
  edamam-ruby
  pry
  romato
  shotgun
  sinatra

BUNDLED WITH
   1.16.1
